GIT
  remote: git@github.com:mdsol/astinus.git
  revision: 6e55768324845ceade3fccaf9ddae88d38155a72
  tag: 2.3.1
  specs:
    astinus (2.3.1)
      finagle-thrift (~> 1.4.1)
      lorekeeper (~> 1.6)

GIT
  remote: git@github.com:mdsol/impersonation_middleware.git
  revision: 827d08876fe926e499f5686f655237c368a69b0b
  tag: v0.0.6
  specs:
    impersonation_middleware (0.0.6)
      mdsol-tools

GIT
  remote: git@github.com:mdsol/mauth-client-ruby.git
  revision: b9d15abb70d19a2a3a2167ab670b4296e495948b
  tag: v4.0.2
  specs:
    mauth-client (4.0.2)
      coderay (~> 1.0)
      dice_bag (>= 0.9, < 2.0)
      faraday (~> 0.7)
      faraday_middleware (~> 0.9)
      rack
      term-ansicolor (~> 1.0)

GIT
  remote: git@github.com:mdsol/mdsol-tools.git
  revision: 52efcb96dca7554581303de047f0a6137cba8676
  tag: v1.0.0
  specs:
    mdsol-tools (1.0.0)
      activesupport (>= 2.2.1)
      addressable
      uuidtools (>= 2.1.2)

GIT
  remote: git@github.com:mdsol/monitor_wares.git
  revision: 617393faad0cc3c6b7063b21d262a8b4da86eb16
  tag: 0.10.2
  specs:
    monitor_wares (0.10.2)
      dice_bag (>= 0.9, < 2.0)
      faraday
      kapnismology (~> 2.0)
      newrelic_rpm (~> 3.15)
      rails
      zipkin-tracer (>= 0.18.1)

GIT
  remote: git@github.com:mdsol/rack-app_status.git
  revision: 42161475209b19c64c0e13216b5194c183509828
  tag: 0.1.5
  specs:
    rack-app_status (0.1.5)
      activesupport
      rack

GEM
  remote: https://rubygems.org/
  specs:
    actioncable (5.0.1)
      actionpack (= 5.0.1)
      nio4r (~> 1.2)
      websocket-driver (~> 0.6.1)
    actionmailer (5.0.1)
      actionpack (= 5.0.1)
      actionview (= 5.0.1)
      activejob (= 5.0.1)
      mail (~> 2.5, >= 2.5.4)
      rails-dom-testing (~> 2.0)
    actionpack (5.0.1)
      actionview (= 5.0.1)
      activesupport (= 5.0.1)
      rack (~> 2.0)
      rack-test (~> 0.6.3)
      rails-dom-testing (~> 2.0)
      rails-html-sanitizer (~> 1.0, >= 1.0.2)
    actionview (5.0.1)
      activesupport (= 5.0.1)
      builder (~> 3.1)
      erubis (~> 2.7.0)
      rails-dom-testing (~> 2.0)
      rails-html-sanitizer (~> 1.0, >= 1.0.2)
    activejob (5.0.1)
      activesupport (= 5.0.1)
      globalid (>= 0.3.6)
    activemodel (5.0.1)
      activesupport (= 5.0.1)
    activerecord (5.0.1)
      activemodel (= 5.0.1)
      activesupport (= 5.0.1)
      arel (~> 7.0)
    activesupport (5.0.1)
      concurrent-ruby (~> 1.0, >= 1.0.2)
      i18n (~> 0.7)
      minitest (~> 5.1)
      tzinfo (~> 1.1)
    addressable (2.5.0)
      public_suffix (~> 2.0, >= 2.0.2)
    arel (7.1.4)
    brakeman (3.5.0)
    builder (3.2.3)
    byebug (9.0.6)
    coderay (1.1.1)
    coffee-rails (4.1.1)
      coffee-script (>= 2.2.0)
      railties (>= 4.0.0, < 5.1.x)
    coffee-script (2.4.1)
      coffee-script-source
      execjs
    coffee-script-source (1.12.2)
    concurrent-ruby (1.0.4)
    dice_bag (1.2.1)
      diff-lcs (~> 1.0)
      rake
      thor (~> 0.0)
    diff-lcs (1.2.5)
    docile (1.1.5)
    equatable (0.5.0)
    erubis (2.7.0)
    execjs (2.7.0)
    faraday (0.11.0)
      multipart-post (>= 1.2, < 3)
    faraday_middleware (0.11.0.1)
      faraday (>= 0.7.4, < 1.0)
    ffi (1.9.17)
    finagle-thrift (1.4.2)
      thrift (~> 0.9.3)
    globalid (0.3.7)
      activesupport (>= 4.1.0)
    graphiql-rails (1.4.1)
      rails
    graphql (1.4.3)
    i18n (0.7.0)
    json (2.0.3)
    kapnismology (2.3.1)
    knapsack_pro (0.26.0)
      rake
      timecop (>= 0.1.0)
      tty-prompt (~> 0.7)
    listen (3.0.8)
      rb-fsevent (~> 0.9, >= 0.9.4)
      rb-inotify (~> 0.9, >= 0.9.7)
    loofah (2.0.3)
      nokogiri (>= 1.5.9)
    lorekeeper (1.6.0)
      oj (~> 2.14)
    mail (2.6.4)
      mime-types (>= 1.16, < 4)
    method_source (0.8.2)
    mime-types (3.1)
      mime-types-data (~> 3.2015)
    mime-types-data (3.2016.0521)
    mini_portile2 (2.1.0)
    minitest (5.10.1)
    multipart-post (2.0.0)
    necromancer (0.3.0)
    newrelic_rpm (3.18.1.330)
    nio4r (1.2.1)
    nokogiri (1.7.0.1)
      mini_portile2 (~> 2.1.0)
    oj (2.18.1)
    pastel (0.7.1)
      equatable (~> 0.5.0)
      tty-color (~> 0.4.0)
    public_suffix (2.0.5)
    puma (3.6.2)
    rack (2.0.1)
    rack-accept (0.4.5)
      rack (>= 0.4)
    rack-cache (1.7.0)
      rack (>= 0.4)
    rack-test (0.6.3)
      rack (>= 1.0)
    rails (5.0.1)
      actioncable (= 5.0.1)
      actionmailer (= 5.0.1)
      actionpack (= 5.0.1)
      actionview (= 5.0.1)
      activejob (= 5.0.1)
      activemodel (= 5.0.1)
      activerecord (= 5.0.1)
      activesupport (= 5.0.1)
      bundler (>= 1.3.0, < 2.0)
      railties (= 5.0.1)
      sprockets-rails (>= 2.0.0)
    rails-dom-testing (2.0.2)
      activesupport (>= 4.2.0, < 6.0)
      nokogiri (~> 1.6)
    rails-html-sanitizer (1.0.3)
      loofah (~> 2.0)
    railties (5.0.1)
      actionpack (= 5.0.1)
      activesupport (= 5.0.1)
      method_source
      rake (>= 0.8.7)
      thor (>= 0.18.1, < 2.0)
    rake (12.0.0)
    rb-fsevent (0.9.8)
    rb-inotify (0.9.8)
      ffi (>= 0.5.0)
    redis (3.3.3)
    redis-actionpack (5.0.1)
      actionpack (>= 4.0, < 6)
      redis-rack (>= 1, < 3)
      redis-store (>= 1.1.0, < 1.4.0)
    redis-activesupport (5.0.1)
      activesupport (>= 3, < 6)
      redis-store (~> 1.2.0)
    redis-rack (2.0.0)
      rack (~> 2.0)
      redis-store (~> 1.2.0)
    redis-rails (5.0.1)
      redis-actionpack (~> 5.0.0)
      redis-activesupport (~> 5.0.0)
      redis-store (~> 1.2.0)
    redis-store (1.2.0)
      redis (>= 2.2)
    rspec-collection_matchers (1.1.3)
      rspec-expectations (>= 2.99.0.beta1)
    rspec-core (3.5.4)
      rspec-support (~> 3.5.0)
    rspec-expectations (3.5.0)
      diff-lcs (>= 1.2.0, < 2.0)
      rspec-support (~> 3.5.0)
    rspec-mocks (3.5.0)
      diff-lcs (>= 1.2.0, < 2.0)
      rspec-support (~> 3.5.0)
    rspec-rails (3.5.2)
      actionpack (>= 3.0)
      activesupport (>= 3.0)
      railties (>= 3.0)
      rspec-core (~> 3.5.0)
      rspec-expectations (~> 3.5.0)
      rspec-mocks (~> 3.5.0)
      rspec-support (~> 3.5.0)
    rspec-support (3.5.0)
    sass (3.4.23)
    sass-rails (5.0.6)
      railties (>= 4.0.0, < 6)
      sass (~> 3.1)
      sprockets (>= 2.8, < 4.0)
      sprockets-rails (>= 2.0, < 4.0)
      tilt (>= 1.1, < 3)
    simplecov (0.13.0)
      docile (~> 1.1.0)
      json (>= 1.8, < 3)
      simplecov-html (~> 0.10.0)
    simplecov-html (0.10.0)
    simplecov-rcov (0.2.3)
      simplecov (>= 0.4.1)
    sprockets (3.7.1)
      concurrent-ruby (~> 1.0)
      rack (> 1, < 3)
    sprockets-rails (3.2.0)
      actionpack (>= 4.0)
      activesupport (>= 4.0)
      sprockets (>= 3.0.0)
    sucker_punch (2.0.2)
      concurrent-ruby (~> 1.0.0)
    term-ansicolor (1.4.0)
      tins (~> 1.0)
    thor (0.19.4)
    thread_safe (0.3.5)
    thrift (0.9.3.0)
    tilt (2.0.6)
    timecop (0.8.1)
    tins (1.13.2)
    tty-color (0.4.2)
    tty-cursor (0.3.0)
    tty-prompt (0.10.1)
      necromancer (~> 0.3.0)
      pastel (~> 0.7.0)
      tty-cursor (~> 0.3.0)
      wisper (~> 1.6.1)
    tzinfo (1.2.2)
      thread_safe (~> 0.1)
    uglifier (3.0.4)
      execjs (>= 0.3.0, < 3)
    uuidtools (2.1.5)
    websocket-driver (0.6.5)
      websocket-extensions (>= 0.1.0)
    websocket-extensions (0.1.2)
    wisper (1.6.1)
    zipkin-tracer (0.20.1)
      faraday (~> 0.8)
      finagle-thrift (~> 1.4.2)
      rack (>= 1.0)
      sucker_punch (~> 2.0)

PLATFORMS
  ruby

DEPENDENCIES
  astinus!
  brakeman (~> 3.5)
  byebug
  coffee-rails
  dice_bag (~> 1.2, >= 1.2.1)
  graphiql-rails
  graphql (~> 1.4, >= 1.4.3)
  impersonation_middleware!
  json (~> 2.0, >= 2.0.3)
  knapsack_pro (~> 0.26.0)
  listen (~> 3.0.5)
  mauth-client!
  mdsol-tools!
  monitor_wares!
  puma (~> 3.0)
  rack-accept (~> 0.4.5)
  rack-app_status!
  rack-cache (~> 1.7)
  rails (~> 5.0.1)
  redis-rails (~> 5.0, >= 5.0.1)
  rspec-collection_matchers (~> 1.1, >= 1.1.3)
  rspec-rails (~> 3.5)
  sass-rails
  simplecov (~> 0.13.0)
  simplecov-html (~> 0.10.0)
  simplecov-rcov (~> 0.2.3)
  uglifier

BUNDLED WITH
   1.14.3
